GEM
  remote: https://rubygems.org/
  specs:
    timecop (0.9.10)

PLATFORMS
  ruby
  x86_64-linux

DEPENDENCIES
  timecop

BUNDLED WITH
   2.5.23
